STORAGE: NONE
RESTRICTION: == net8.0
NUGET
  remote: https://api.nuget.org/v3/index.json
    FParsec (1.1.1)
      FSharp.Core (>= 4.3.4)
    FSharp.Core (8.0.301)
    FSharp.Data.LiteralProviders (1.0.3)
      FSharp.Core (>= 4.5)
    FSharpPlus (1.6.1)
      FSharp.Core (>= 6.0.6)
    LibGit2Sharp (0.30)
      LibGit2Sharp.NativeBinaries (2.0.322)
    LibGit2Sharp.NativeBinaries (2.0.322)
    Newtonsoft.Json (13.0.3)
    Spectre.Console (0.49.1)
