STORAGE: NONE
RESTRICTION: == net8.0
NUGET
  remote: https://api.nuget.org/v3/index.json
    coverlet.collector (6.0.2)
    Fargo.CmdLine (1.1.14)
      FSharp.Core (>= 7.0.400)
    FParsec (1.1.1)
      FSharp.Core (>= 4.3.4)
    FSharp.Core (8.0.400)
    FSharp.Data.LiteralProviders (1.0.3)
      FSharp.Core (>= 4.5)
    FsUnit (6.0.1)
      FSharp.Core (>= 5.0.2)
      NUnit (>= 4.0.1)
    LibGit2Sharp (0.30)
      LibGit2Sharp.NativeBinaries (2.0.322)
    LibGit2Sharp.NativeBinaries (2.0.322)
    Microsoft.CodeCoverage (17.11.1)
    Microsoft.NET.Test.Sdk (17.11.1)
      Microsoft.CodeCoverage (>= 17.11.1)
      Microsoft.TestPlatform.TestHost (>= 17.11.1)
    Microsoft.TestPlatform.ObjectModel (17.11.1)
      System.Reflection.Metadata (>= 1.6)
    Microsoft.TestPlatform.TestHost (17.11.1)
      Microsoft.TestPlatform.ObjectModel (>= 17.11.1)
      Newtonsoft.Json (>= 13.0.1)
    Microsoft.Win32.Registry (5.0)
      System.Security.AccessControl (>= 5.0)
      System.Security.Principal.Windows (>= 5.0)
    Newtonsoft.Json (13.0.3)
    NUnit (4.2.2)
    NUnit.Analyzers (4.3)
    NUnit3TestAdapter (4.6)
    Spectre.Console (0.49.1)
    System.Collections.Immutable (8.0)
    System.Reflection.Metadata (8.0)
      System.Collections.Immutable (>= 8.0)
    System.Security.AccessControl (6.0.1)
    System.Security.Principal.Windows (5.0)
    Vanara.Core (4.0.4)
    Vanara.PInvoke.Gdi32 (4.0.4)
      Vanara.Core (>= 4.0.4)
      Vanara.PInvoke.Shared (>= 4.0.4)
    Vanara.PInvoke.Kernel32 (4.0.4)
      Vanara.Core (>= 4.0.4)
      Vanara.PInvoke.Shared (>= 4.0.4)
    Vanara.PInvoke.Shared (4.0.4)
      Microsoft.Win32.Registry (>= 5.0)
      Vanara.Core (>= 4.0.4)
    Vanara.PInvoke.User32 (4.0.4)
      Vanara.Core (>= 4.0.4)
      Vanara.PInvoke.Gdi32 (>= 4.0.4)
      Vanara.PInvoke.Kernel32 (>= 4.0.4)
      Vanara.PInvoke.Shared (>= 4.0.4)
  remote: ~/nuget
    Pinicola.FSharp (0.1.0-20240918144716)
      Fargo.CmdLine
      FSharp.Core
    Pinicola.FSharp.SpectreConsole (0.1.0-20240918144716)
      FSharp.Core
      Spectre.Console
