STORAGE: NONE
RESTRICTION: == net9.0
NUGET
  remote: https://api.nuget.org/v3/index.json
    coverlet.collector (6.0.4)
    FParsec (1.1.1)
      FSharp.Core (>= 4.3.4)
    FSharp.Core (9.0.201)
    FSharp.Data.LiteralProviders (1.0.3)
      FSharp.Core (>= 4.5)
    FsUnit (7.0.1)
      FSharp.Core (>= 5.0.2)
      NUnit (>= 4.0.1)
    LibGit2Sharp (0.31)
      LibGit2Sharp.NativeBinaries (2.0.323)
    LibGit2Sharp.NativeBinaries (2.0.323)
    Microsoft.ApplicationInsights (2.23)
      System.Diagnostics.DiagnosticSource (>= 5.0)
    Microsoft.CodeCoverage (17.13)
    Microsoft.NET.Test.Sdk (17.13)
      Microsoft.CodeCoverage (>= 17.13)
      Microsoft.TestPlatform.TestHost (>= 17.13)
    Microsoft.Testing.Extensions.Telemetry (1.6.3)
      Microsoft.ApplicationInsights (>= 2.22)
      Microsoft.Testing.Platform (>= 1.6.3)
    Microsoft.Testing.Extensions.TrxReport.Abstractions (1.6.3)
      Microsoft.Testing.Platform (>= 1.6.3)
    Microsoft.Testing.Extensions.VSTestBridge (1.6.3)
      Microsoft.Testing.Extensions.Telemetry (>= 1.6.3)
      Microsoft.Testing.Extensions.TrxReport.Abstractions (>= 1.6.3)
      Microsoft.Testing.Platform (>= 1.6.3)
      Microsoft.TestPlatform.ObjectModel (>= 17.13)
    Microsoft.Testing.Platform (1.6.3)
    Microsoft.Testing.Platform.MSBuild (1.6.3)
      Microsoft.Testing.Platform (>= 1.6.3)
    Microsoft.TestPlatform.ObjectModel (17.13)
      System.Reflection.Metadata (>= 1.6)
    Microsoft.TestPlatform.TestHost (17.13)
      Microsoft.TestPlatform.ObjectModel (>= 17.13)
      Newtonsoft.Json (>= 13.0.1)
    Microsoft.Win32.Registry (5.0)
      System.Security.AccessControl (>= 5.0)
      System.Security.Principal.Windows (>= 5.0)
    Newtonsoft.Json (13.0.3)
    NUnit (4.3.2)
    NUnit.Analyzers (4.6)
    NUnit3TestAdapter (5.0)
      Microsoft.Testing.Extensions.VSTestBridge (>= 1.5.3)
      Microsoft.Testing.Platform.MSBuild (>= 1.5.3)
    Spectre.Console (0.49.1)
    System.Diagnostics.DiagnosticSource (9.0.3)
    System.Reflection.Metadata (9.0.3)
    System.Security.AccessControl (6.0.1)
    System.Security.Principal.Windows (5.0)
    Vanara.Core (4.1.1)
    Vanara.PInvoke.Gdi32 (4.1.1)
      Vanara.PInvoke.Shared (>= 4.1.1)
    Vanara.PInvoke.Kernel32 (4.1.1)
      Vanara.PInvoke.Shared (>= 4.1.1)
    Vanara.PInvoke.Shared (4.1.1)
      Microsoft.Win32.Registry (>= 5.0)
      Vanara.Core (>= 4.1.1)
    Vanara.PInvoke.User32 (4.1.1)
      Vanara.PInvoke.Gdi32 (>= 4.1.1)
      Vanara.PInvoke.Kernel32 (>= 4.1.1)
