STORAGE: NONE
RESTRICTION: == net8.0
NUGET
  remote: https://api.nuget.org/v3/index.json
    coverlet.collector (6.0.2)
    FParsec (1.1.1)
      FSharp.Core (>= 4.3.4)
    FSharp.Core (8.0.400)
    FSharp.Data.LiteralProviders (1.0.3)
      FSharp.Core (>= 4.5)
    FSharpPlus (1.6.1)
      FSharp.Core (>= 6.0.6)
    FsUnit (6.0)
      FSharp.Core (>= 5.0.2)
      NUnit (>= 4.0.1)
    LibGit2Sharp (0.30)
      LibGit2Sharp.NativeBinaries (2.0.322)
    LibGit2Sharp.NativeBinaries (2.0.322)
    Microsoft.CodeCoverage (17.11)
    Microsoft.NET.Test.Sdk (17.11)
      Microsoft.CodeCoverage (>= 17.11)
      Microsoft.TestPlatform.TestHost (>= 17.11)
    Microsoft.TestPlatform.ObjectModel (17.11)
      System.Reflection.Metadata (>= 1.6)
    Microsoft.TestPlatform.TestHost (17.11)
      Microsoft.TestPlatform.ObjectModel (>= 17.11)
      Newtonsoft.Json (>= 13.0.1)
    Newtonsoft.Json (13.0.3)
    NUnit (4.2.1)
    NUnit.Analyzers (4.3)
    NUnit3TestAdapter (4.6)
    Spectre.Console (0.49.1)
    System.Collections.Immutable (8.0)
    System.Reflection.Metadata (8.0)
      System.Collections.Immutable (>= 8.0)
  remote: ~/nuget
    Pinicola.FSharp.SpectreConsole (0.1.0-20240813103150)
      FSharp.Core
      Spectre.Console
