STORAGE: NONE
RESTRICTION: == net9.0
NUGET
  remote: https://api.nuget.org/v3/index.json
    coverlet.collector (6.0.2)
    FParsec (1.1.1)
      FSharp.Core (>= 4.3.4)
    FSharp.Core (9.0.100)
    FSharp.Data.LiteralProviders (1.0.3)
      FSharp.Core (>= 4.5)
    FsUnit (7.0)
      FSharp.Core (>= 5.0.2)
      NUnit (>= 4.0.1)
    LibGit2Sharp (0.31)
      LibGit2Sharp.NativeBinaries (2.0.323)
    LibGit2Sharp.NativeBinaries (2.0.323)
    Microsoft.CodeCoverage (17.12)
    Microsoft.NET.Test.Sdk (17.12)
      Microsoft.CodeCoverage (>= 17.12)
      Microsoft.TestPlatform.TestHost (>= 17.12)
    Microsoft.TestPlatform.ObjectModel (17.12)
      System.Reflection.Metadata (>= 1.6)
    Microsoft.TestPlatform.TestHost (17.12)
      Microsoft.TestPlatform.ObjectModel (>= 17.12)
      Newtonsoft.Json (>= 13.0.1)
    Microsoft.Win32.Registry (5.0)
      System.Security.AccessControl (>= 5.0)
      System.Security.Principal.Windows (>= 5.0)
    Newtonsoft.Json (13.0.3)
    NUnit (4.3.1)
    NUnit.Analyzers (4.5)
    NUnit3TestAdapter (4.6)
    Spectre.Console (0.49.1)
    System.Reflection.Metadata (9.0)
    System.Security.AccessControl (6.0.1)
    System.Security.Principal.Windows (5.0)
    Vanara.Core (4.0.4)
    Vanara.PInvoke.Gdi32 (4.0.4)
      Vanara.Core (>= 4.0.4)
      Vanara.PInvoke.Shared (>= 4.0.4)
    Vanara.PInvoke.Kernel32 (4.0.4)
      Vanara.Core (>= 4.0.4)
      Vanara.PInvoke.Shared (>= 4.0.4)
    Vanara.PInvoke.Shared (4.0.4)
      Microsoft.Win32.Registry (>= 5.0)
      Vanara.Core (>= 4.0.4)
    Vanara.PInvoke.User32 (4.0.4)
      Vanara.Core (>= 4.0.4)
      Vanara.PInvoke.Gdi32 (>= 4.0.4)
      Vanara.PInvoke.Kernel32 (>= 4.0.4)
      Vanara.PInvoke.Shared (>= 4.0.4)
